{
	"TaskName":"task-SPESclin",
	"SamplingFrequency":2048,
	"PowerLineFrequency":50,
	"SoftwareFilters":"n\/a",
	"DCOffsetCorrection":"n\/a",
	"HardwareFilters":{
		"HighpassFilter":{
			"CutoffFrequency":0.15
		},
		"LowpassFilter":{
			"CutoffFrequency":468
		}
	},
	"Manufacturer":"Micromed",
	"ManufacturersModelName":"LTM128 Express",
	"TaskDescription":"No task, electrical stimulation is performed. Patient is resting with eyes open\/closed. The latter is not always specified.",
	"Instructions":"No instruction is given",
	"InstitutionName":"University Medical Center Utrecht, Division Brain, Clinical Neurophysiology Department",
	"InstitutionAddress":"Heidelberglaan 100, 3584 CX Utrecht",
	"DeviceSerialNumber":"n\/a",
	"ECOGChannelCount":64,
	"SEEGChannelCount":0,
	"EEGChannelCount":0,
	"EOGChannelCount":0,
	"ECGChannelCount":1,
	"EMGChannelCount":1,
	"MiscChannelCount":0,
	"TriggerChannelCount":2,
	"RecordingDuration":3076.46875,
	"RecordingType":"continuous",
	"EpochLength":0,
	"SubjectArtefactDescription":"artefacts are annotated manually when patient moves (which gives artefacts in all electrodes), or when an electrode is malfunctioning for a short period of time",
	"SoftwareVersions":"4",
	"iEEGReference":"probably mastoid",
	"ElectrodeManufacturer":"supposed to be AdTech, but needs to be checked",
	"ElectrodeManufacturersModelName":"n\/a",
	"iEEGGround":"top of forehead or mastoid",
	"iEEGPlacementScheme":"left",
	"iEEGElectrodeGroups":"ECoG;F[8x8];",
	"ElectricalStimulation":true,
	"ElectricalStimulationParameters":"See for more detail the events.tsv"
}
